NUGET
  remote: https://nuget.org/api/v2
  specs:
    Chessie (0.0.23)
      FSharp.Core
    FAKE (3.23.0)
    FSharp.Compiler.Service (0.0.86)
    FSharp.Core (3.1.2.1)
    FSharp.Formatting (2.7.5)
      FSharp.Compiler.Service (>= 0.0.82)
      FSharpVSPowerTools.Core (>= 1.7.0)
    FSharpVSPowerTools.Core (1.7.0)
      FSharp.Compiler.Service (>= 0.0.81)
    Insight.Database (5.2.3)
      Insight.Database.Core (>= 5.2.3)
    Insight.Database.Core (5.2.3)
    Insight.Database.Providers.OracleManaged (5.2.3)
      Insight.Database.Core (>= 5.2.3)
      odp.net.managed
    Microsoft.Bcl (1.1.10)
      Microsoft.Bcl.Build (>= 1.0.14)
    Microsoft.Bcl.Build (1.0.21)
    Microsoft.Net.Http (2.2.29)
      Microsoft.Bcl (>= 1.1.10)
      Microsoft.Bcl.Build (>= 1.0.14)
    NUnit (2.6.4)
    NUnit.Runners (2.6.4)
    Octokit (0.7.3)
      Microsoft.Net.Http
    odp.net.managed (121.1.2)
    SourceLink.Fake (0.4.2)
GITHUB
  remote: fsharp/FAKE
  specs:
    modules/Octokit/Octokit.fsx (8c43fc5a6b2af40e207e38eb37159454b238c10d)
      Octokit